GIT
  remote: git://github.com/citrus/spree_mail.git
  revision: 453223b46166549f2d646a8ef3f5c8e5ca202118
  specs:
    spree_mail (0.40.0.4)
      mail (>= 2.2.0)
      meta_search (>= 1.0.1)
      mustache (>= 0.12.0)
      spree_auth (>= 0.30.1)
      spree_core (>= 0.30.1)

GIT
  remote: git://github.com/dwradcliffe/spree_contact_us.git
  revision: 95d448e01693585e74b2b1cc88dfef19810892a9
  specs:
    spree_contact_us (2.0)
      spree_core (>= 0.30.0)

GIT
  remote: git://github.com/sbeam/spree-mail-chimp.git
  revision: a7eea1601ee2e894f7271fb53532c56d08579d2c
  specs:
    mail_chimp (1.3.0)
      hominid (>= 2.2.0)
      spree_core (>= 0.30.0)

GEM
  remote: http://rubygems.org/
  specs:
    abstract (1.0.0)
    actionmailer (3.0.3)
      actionpack (= 3.0.3)
      mail (~> 2.2.9)
    actionpack (3.0.3)
      activemodel (= 3.0.3)
      activesupport (= 3.0.3)
      builder (~> 2.1.2)
      erubis (~> 2.6.6)
      i18n (~> 0.4)
      rack (~> 1.2.1)
      rack-mount (~> 0.6.13)
      rack-test (~> 0.5.6)
      tzinfo (~> 0.3.23)
    activemerchant (1.9.0)
      activesupport (>= 2.3.2)
      braintree (>= 2.0.0)
      builder (>= 2.0.0)
    activemodel (3.0.3)
      activesupport (= 3.0.3)
      builder (~> 2.1.2)
      i18n (~> 0.4)
    activerecord (3.0.3)
      activemodel (= 3.0.3)
      activesupport (= 3.0.3)
      arel (~> 2.0.2)
      tzinfo (~> 0.3.23)
    activeresource (3.0.3)
      activemodel (= 3.0.3)
      activesupport (= 3.0.3)
    activesupport (3.0.3)
    acts_as_commentable (3.0.0)
    acts_as_list (0.1.2)
    arel (2.0.9)
    babosa (0.3.3)
    bcrypt-ruby (2.1.4)
    braintree (2.10.0)
      builder
    builder (2.1.2)
    cancan (1.3.3)
    daemons (1.1.3)
    devise (1.2.rc)
      bcrypt-ruby (~> 2.1.2)
      orm_adapter (~> 0.0.2)
      warden (~> 1.0.2)
    erubis (2.6.6)
      abstract (>= 1.0.0)
    eventmachine (0.12.10)
    faker (0.9.4)
      i18n (~> 0.4)
    friendly_id (3.2.1.1)
      babosa (~> 0.3.0)
    highline (1.5.1)
    hominid (3.0.2)
    i18n (0.5.0)
    jquery-rails (0.2.2)
      rails (~> 3.0)
    mail (2.2.19)
      activesupport (>= 2.3.6)
      i18n (>= 0.4.0)
      mime-types (~> 1.16)
      treetop (~> 1.4.8)
    meta_search (1.0.4)
      actionpack (~> 3.0.2)
      activerecord (~> 3.0.2)
      activesupport (~> 3.0.2)
      arel (~> 2.0.2)
    mime-types (1.16)
    mustache (0.99.3)
    mysql2 (0.2.7)
    orm_adapter (0.0.4)
    paperclip (2.3.8)
      activerecord
      activesupport
    polyglot (0.3.1)
    rack (1.2.2)
    rack-mount (0.6.14)
      rack (>= 1.0.0)
    rack-test (0.5.7)
      rack (>= 1.0)
    rails (3.0.3)
      actionmailer (= 3.0.3)
      actionpack (= 3.0.3)
      activerecord (= 3.0.3)
      activeresource (= 3.0.3)
      activesupport (= 3.0.3)
      bundler (~> 1.0)
      railties (= 3.0.3)
    railties (3.0.3)
      actionpack (= 3.0.3)
      activesupport (= 3.0.3)
      rake (>= 0.8.7)
      thor (~> 0.14.4)
    rake (0.8.7)
    rd_awesome_nested_set (1.4.4)
      activerecord (>= 1.1)
    rd_resource_controller (1.0.1)
    rd_searchlogic (3.0.0)
      activerecord (>= 3.0.0)
    rd_unobtrusive_date_picker (0.1.0)
    rdiscount (1.6.8)
    spree (0.40.2)
      spree_api (= 0.40.2)
      spree_auth (= 0.40.2)
      spree_core (= 0.40.2)
      spree_dash (= 0.40.2)
      spree_promo (= 0.40.2)
      spree_sample (= 0.40.2)
    spree_api (0.40.2)
      spree_core (= 0.40.2)
    spree_auth (0.40.2)
      cancan (= 1.3.3)
      devise (= 1.2.rc)
      spree_core (= 0.40.2)
    spree_comments (1.0.0)
      acts_as_commentable (= 3.0.0)
      spree_core (>= 0.30.0)
    spree_core (0.40.2)
      activemerchant (= 1.9.0)
      acts_as_list (= 0.1.2)
      faker (= 0.9.4)
      highline (= 1.5.1)
      jquery-rails (= 0.2.2)
      paperclip (= 2.3.8)
      rails (= 3.0.3)
      rd_awesome_nested_set (= 1.4.4)
      rd_resource_controller
      rd_searchlogic (= 3.0.0)
      rd_unobtrusive_date_picker (= 0.1.0)
      state_machine (= 0.9.4)
      stringex (= 1.0.3)
      will_paginate (= 3.0.pre2)
    spree_dash (0.40.2)
      spree_core (= 0.40.2)
    spree_promo (0.40.2)
      spree_core (= 0.40.2)
    spree_sample (0.40.2)
      spree_core (= 0.40.2)
    sqlite3 (1.3.3)
    sqlite3-ruby (1.3.3)
      sqlite3 (>= 1.3.3)
    state_machine (0.9.4)
    stringex (1.0.3)
    thin (1.2.11)
      daemons (>= 1.0.9)
      eventmachine (>= 0.12.6)
      rack (>= 1.0.0)
    thor (0.14.6)
    treetop (1.4.9)
      polyglot (>= 0.3.1)
    tzinfo (0.3.27)
    warden (1.0.3)
      rack (>= 1.0.0)
    will_paginate (3.0.pre2)

PLATFORMS
  ruby

DEPENDENCIES
  acts_as_commentable
  friendly_id (~> 3.2.1)
  mail_chimp (>= 1.3)!
  mysql2 (< 0.3)
  rails (= 3.0.3)
  rdiscount
  spree
  spree_comments
  spree_contact_us!
  spree_mail!
  sqlite3-ruby
  thin
